GEM
  remote: https://rubygems.org/
  specs:
    em-synchrony (1.0.4)
      eventmachine (>= 1.0.0.beta.1)
    eventmachine (1.0.8)
    hiredis (0.4.5)
    rack (1.6.4)
    rack-protection (1.5.3)
      rack
    redis (3.0.7)
    sinatra (1.4.6)
      rack (~> 1.4)
      rack-protection (~> 1.4)
      tilt (>= 1.3, < 3)
    tilt (2.0.1)

PLATFORMS
  ruby

DEPENDENCIES
  em-synchrony
  hiredis (~> 0.4.5)
  redis (~> 3.0.1)
  sinatra

BUNDLED WITH
   1.10.6
